PATH
  remote: .
  specs:
    cfn-toml (1.0.4)
      toml-rb (>= 2.0.1)

GEM
  remote: https://rubygems.org/
  specs:
    citrus (3.0.2)
    toml-rb (2.0.1)
      citrus (~> 3.0, > 3.0)

PLATFORMS
  ruby

DEPENDENCIES
  bundler (>= 2.1.4)
  cfn-toml!

BUNDLED WITH
   2.1.4
